PATH
  remote: .
  specs:
    bar_search (0.1.0)
      nokogiri

GEM
  remote: https://rubygems.org/
  specs:
    mini_portile2 (2.5.0)
    nokogiri (1.11.1)
      mini_portile2 (~> 2.5.0)
      racc (~> 1.4)
    racc (1.5.2)
    rake (12.3.3)

PLATFORMS
  ruby

DEPENDENCIES
  bar_search!
  rake (~> 12.0)

BUNDLED WITH
   2.0.1
